PATH
  remote: .
  specs:
    shoehorn (0.1.0)
      builder

GEM
  remote: http://rubygems.org/
  specs:
    builder (3.0.0)
    ci_reporter (1.6.5)
      builder (>= 2.1.2)
    fakeweb (1.3.0)
    metaclass (0.0.1)
    mocha (0.10.0)
      metaclass (~> 0.0.1)
    rake (0.9.2.2)
    shoulda (2.11.3)
    test-unit (2.4.2)

PLATFORMS
  ruby

DEPENDENCIES
  ci_reporter
  fakeweb
  mocha
  rake
  shoehorn!
  shoulda
  test-unit
