PATH
  remote: .
  specs:
    shoehorn (0.1.0)

GEM
  remote: http://rubygems.org/
  specs:
    metaclass (0.0.1)
    mocha (0.10.0)
      metaclass (~> 0.0.1)
    rake (0.8.7)
    shoulda (2.11.3)
    test-unit (2.4.2)

PLATFORMS
  ruby

DEPENDENCIES
  mocha
  rake
  shoehorn!
  shoulda
  test-unit
